GEM
  remote: https://rubygems.org/
  specs:
    colorize (0.8.1)

PLATFORMS
  ruby
  x86-mingw32

DEPENDENCIES
  colorize

BUNDLED WITH
   1.12.5
